PATH
  remote: .
  specs:
    hypercharge-schema (1.25.4)
      json-schema (~> 2.1.3)

GEM
  remote: https://rubygems.org/
  specs:
    columnize (0.3.6)
    debugger (1.6.0)
      columnize (>= 0.3.1)
      debugger-linecache (~> 1.2.0)
      debugger-ruby_core_source (~> 1.2.1)
    debugger-linecache (1.2.0)
    debugger-ruby_core_source (1.2.2)
    json (1.8.0)
    json (1.8.0-java)
    json-schema (2.1.9)
    minitest (4.7.5)
    rake (10.1.0)

PLATFORMS
  java
  ruby

DEPENDENCIES
  bundler (~> 1.3)
  debugger
  hypercharge-schema!
  json
  minitest (>= 4.7.5)
  rake

BUNDLED WITH
   1.14.3
