PATH
  remote: .
  specs:
    hypercharge-schema (1.25.4)
      json-schema (~> 2.1.3)

GEM
  remote: https://rubygems.org/
  specs:
    byebug (9.0.6)
    json (1.8.6)
    json-schema (2.1.9)
    minitest (4.7.5)
    rake (10.1.0)

PLATFORMS
  java
  ruby

DEPENDENCIES
  bundler (~> 1.3)
  byebug
  hypercharge-schema!
  json (~> 1.8.6)
  minitest (>= 4.7.5)
  rake

BUNDLED WITH
   1.14.3
