PATH
  remote: .
  specs:
    hypercharge-schema (1.25.4)
      json-schema (~> 2.1.3)

GEM
  remote: https://rubygems.org/
  specs:
    byebug (9.0.6)
    json (2.0.3)
    json (2.0.3-java)
    json-schema (2.1.9)
    minitest (5.10.1)
    rake (12.0.0)

PLATFORMS
  java
  ruby

DEPENDENCIES
  bundler (~> 1.3)
  byebug
  hypercharge-schema!
  json
  minitest (>= 4.7.5)
  rake

BUNDLED WITH
   1.14.3
